ObjectType = Image
NDims = 3
CompressedData = True
CompressedDataSize = 26518350
BinaryData = True
BinaryDataByteOrderMSB = False
Offset = 0 0 0 
TransformMatrix = 1 0 0 0 1 0 0 0 1 
CenterOfRotation = 0 0 0 
AnatomicalOrientation = RAI
ElementSpacing = 0.6641 0.6641 2 
DimSize = 512 512 104 
ElementType = MET_SHORT
ElementDataFile = FLVA042_image.zraw
